GIT
  remote: https://github.com/ganmacs/griffin
  revision: edcc78fa91e95ceb368e5011cc7d33bd6ed615a3
  branch: dont-use-SO_REUSEPORT
  specs:
    griffin (0.2.0)
      grpc_kit (>= 0.3.0)
      serverengine (~> 2.0.7)

GEM
  remote: https://rubygems.org/
  specs:
    ds9 (1.3.3)
      mini_portile2 (>= 2.2.0)
    google-protobuf (3.6.1)
    googleapis-common-protos-types (1.0.2)
      google-protobuf (~> 3.0)
    grpc_kit (0.3.1)
      ds9 (>= 1.3.3)
      google-protobuf (~> 3.6.1)
      googleapis-common-protos-types (~> 1.0.2)
    mini_portile2 (2.4.0)
    serverengine (2.0.7)
      sigdump (~> 0.2.2)
    sigdump (0.2.4)

PLATFORMS
  ruby

DEPENDENCIES
  griffin!
  grpc_kit

BUNDLED WITH
   1.17.1
