GEM
  remote: https://rubygems.org/
  specs:
    connection_pool (2.2.2)
    ds9 (1.2.1)
    google-protobuf (3.6.1)
    googleapis-common-protos-types (1.0.2)
      google-protobuf (~> 3.0)
    griffin (0.1.2)
      connection_pool (~> 2.2.2)
      grpc_kit (~> 0.1.5)
      serverengine (~> 2.0.7)
    grpc_kit (0.1.7)
      ds9 (~> 1.2.1)
      google-protobuf (~> 3.6.1)
      googleapis-common-protos-types (~> 1.0.2)
    serverengine (2.0.7)
      sigdump (~> 0.2.2)
    sigdump (0.2.4)

PLATFORMS
  ruby

DEPENDENCIES
  griffin

BUNDLED WITH
   1.17.1
