GIT
  remote: https://github.com/ganmacs/griffin
  revision: 3643127c1fde7e67456df9788ab7e33adbb33859
  branch: multi-threads-per-tcp-connetction
  specs:
    griffin (0.1.9)
      grpc_kit (>= 0.2.1)
      serverengine (~> 2.0.7)

GIT
  remote: https://github.com/ganmacs/grpc_kit
  revision: 7ddfa41c5172895e1961d48e7340128d0d55a4cc
  branch: multi-threads
  specs:
    grpc_kit (0.2.1)
      ds9 (>= 1.3.3)
      google-protobuf (~> 3.6.1)
      googleapis-common-protos-types (~> 1.0.2)

GEM
  remote: https://rubygems.org/
  specs:
    ds9 (1.3.3)
      mini_portile2 (>= 2.2.0)
    google-protobuf (3.6.1)
    googleapis-common-protos-types (1.0.2)
      google-protobuf (~> 3.0)
    mini_portile2 (2.4.0)
    serverengine (2.0.7)
      sigdump (~> 0.2.2)
    sigdump (0.2.4)

PLATFORMS
  ruby

DEPENDENCIES
  griffin!
  grpc_kit!

BUNDLED WITH
   1.17.1
